PATH
  remote: .
  specs:
    mlr (0.1.0)
      pycall (~> 1.0)

GEM
  remote: https://rubygems.org/
  specs:
    coderay (1.1.2)
    method_source (0.9.2)
    minitest (5.11.3)
    pry (0.12.2)
      coderay (~> 1.1.0)
      method_source (~> 0.9.0)
    pycall (1.0.3)
    rake (10.5.0)

PLATFORMS
  ruby

DEPENDENCIES
  bundler (~> 1.17)
  minitest (~> 5.0)
  mlr!
  pry (~> 0.10)
  rake (~> 10.0)

BUNDLED WITH
   1.17.2
